GIT
  remote: https://github.com/shadowbq/pcaprub.git
  revision: 4e7313421ae87b7631e42a169204d4a37620446e
  specs:
    pcaprub (0.11.2)

GIT
  remote: https://github.com/todb/packetfu.git
  revision: 70aa7ae0b02c82aabc936b3ee5f0f5cc59464816
  specs:
    packetfu (1.1.5)

GEM
  remote: http://rubygems.org/
  specs:
    active_support (3.0.0)
      activesupport (= 3.0.0)
    activesupport (3.0.0)
    diff-lcs (1.1.3)
    multi_json (1.0.4)
    rake (0.9.2.2)
    rspec (2.8.0)
      rspec-core (~> 2.8.0)
      rspec-expectations (~> 2.8.0)
      rspec-mocks (~> 2.8.0)
    rspec-core (2.8.0)
    rspec-expectations (2.8.0)
      diff-lcs (~> 1.1.2)
    rspec-mocks (2.8.0)
    simplecov (0.5.4)
      multi_json (~> 1.0.3)
      simplecov-html (~> 0.5.3)
    simplecov-html (0.5.3)

PLATFORMS
  ruby

DEPENDENCIES
  active_support
  packetfu!
  pcaprub!
  rake
  rspec
  simplecov
