GEM
  remote: http://rubygems.org/
  specs:
    pcaprub (0.9.2)

PLATFORMS
  ruby

DEPENDENCIES
  pcaprub
