GEM
  remote: http://rubygems.org/
  specs:
    ffi (1.0.1)
      rake (>= 0.8.7)
    file-tail (1.0.5)
      spruz (>= 0.1.0)
    nice-ffi (0.4)
      ffi (>= 0.5.0)
    pcaprub (0.9.2)
    racket (0.1.0)
      file-tail (>= 1.0.4)
      rsdl (>= 0.1.2)
      rubygame (>= 2.6.2)
    rake (0.8.7)
    rsdl (0.1.4)
    ruby-sdl-ffi (0.3)
      nice-ffi (>= 0.2)
    rubygame (2.6.4)
      rake (>= 0.7.0)
      ruby-sdl-ffi (>= 0.1.0)
    spruz (0.2.2)

PLATFORMS
  ruby

DEPENDENCIES
  pcaprub
  racket
